GEM
  remote: http://rubygems.org/
  specs:
    diff-lcs (1.1.3)
    growl_notify (0.0.1)
      rb-appscript
    guard (0.7.0)
      thor (~> 0.14.6)
    guard-rspec (0.4.5)
      guard (>= 0.4.0)
    rb-appscript (0.6.1)
    rspec (2.7.0)
      rspec-core (~> 2.7.0)
      rspec-expectations (~> 2.7.0)
      rspec-mocks (~> 2.7.0)
    rspec-core (2.7.0)
    rspec-expectations (2.7.0)
      diff-lcs (~> 1.1.2)
    rspec-mocks (2.7.0)
    thor (0.14.6)

PLATFORMS
  ruby

DEPENDENCIES
  growl_notify
  guard (~> 0.7.0)
  guard-rspec (~> 0.4.5)
  rspec (~> 2.7.0)
